GEM
  remote: https://rubygems.org/
  specs:
    after_do (0.4.0)
    coderay (1.1.2)
    domain_name (0.5.20170404)
      unf (>= 0.0.5, < 1.0.0)
    ffi (1.9.23-java)
    furoshiki (0.6.1)
      plist
      rubyzip (>= 1.0.0)
      warbler (~> 2.0.4)
    http-cookie (1.0.3)
      domain_name (~> 0.5)
    jruby-jars (9.1.16.0)
    jruby-rack (1.1.21)
    logger (1.2.8)
    mechanize (2.7.5)
      domain_name (~> 0.5, >= 0.5.1)
      http-cookie (~> 1.0)
      mime-types (>= 1.17.2)
      net-http-digest_auth (~> 1.1, >= 1.1.1)
      net-http-persistent (~> 2.5, >= 2.5.2)
      nokogiri (~> 1.6)
      ntlm-http (~> 0.1, >= 0.1.1)
      webrobots (>= 0.0.9, < 0.2)
    method_source (0.9.0)
    mime-types (3.1)
      mime-types-data (~> 3.2015)
    mime-types-data (3.2016.0521)
    net-http-digest_auth (1.4.1)
    net-http-persistent (2.9.4)
    nokogiri (1.6.4.1-java)
    ntlm-http (0.1.1)
    plist (3.4.0)
    pry (0.11.3-java)
      coderay (~> 1.1.0)
      method_source (~> 0.9.0)
      spoon (~> 0.0)
    pry-debugger-jruby (1.2.0-java)
      pry (>= 0.10, < 0.12)
      ruby-debug-base (~> 0.10.4)
    rake (12.3.1)
    ruby-debug-base (0.10.6-java)
    rubyzip (1.2.1)
    shoes (4.0.0.rc1)
      shoes-core (= 4.0.0.rc1)
      shoes-manual (~> 4.0.0, >= 4.0.0)
      shoes-swt (= 4.0.0.rc1)
    shoes-core (4.0.0.rc1)
    shoes-highlighter (1.0.1)
    shoes-manual (4.0.1)
      nokogiri (~> 1.6.4.1, >= 1.6.4.1)
      shoes-highlighter (~> 1.0, >= 1.0.0)
    shoes-package (4.0.0.rc1)
      bundler
      furoshiki (~> 0.6.0)
      shoes-core (= 4.0.0.rc1)
    shoes-swt (4.0.0.rc1)
      after_do (~> 0.4.0)
      shoes-core (= 4.0.0.rc1)
      shoes-package (= 4.0.0.rc1)
      swt (~> 4.6.1.1)
    spoon (0.0.6)
      ffi
    swt (4.6.1.1)
    unf (0.1.4-java)
    warbler (2.0.4)
      jruby-jars (>= 9.0.0.0)
      jruby-rack (>= 1.1.1, < 1.3)
      rake (>= 10.1.0)
      rubyzip (~> 1.0, < 1.4)
    webrobots (0.1.2)

PLATFORMS
  java

DEPENDENCIES
  logger
  mechanize
  pry
  pry-debugger-jruby
  shoes (~> 4.0.0.rc1)

BUNDLED WITH
   1.16.1
